{
	"Modality": "MR",
	"MagneticFieldStrength": 3,
	"Manufacturer": "Philips",
	"ManufacturersModelName": "Ingenia",
	"InstitutionName": "I.N._Psiquiatria",
	"InstitutionalDepartmentName": "Imagenes_Cerebrales",
	"InstitutionAddress": "Calzada_Mexico_Xochimilco_No.101_Tlalpan",
	"DeviceSerialNumber": "42451",
	"StationName": "INGENIA",
	"PatientPosition": "HFS",
	"ProcedureStepDescription": "EDUARDO_TMS",
	"SoftwareVersions": "5.1.7_5.1.7.2",
	"MRAcquisitionType": "3D",
	"SeriesDescription": "sT1W_3D_TFE_32_channel",
	"ProtocolName": "WIP_sT1W_3D_TFE_32_channel_SENSE",
	"ScanningSequence": "GR",
	"SequenceVariant": "MP",
	"ScanOptions": "OTHER",
	"ImageType": ["ORIGINAL", "PRIMARY", "M", "FFE", "M", "FFE"],
	"SeriesNumber": 1101,
	"AcquisitionTime": "08:57:14.430000",
	"AcquisitionNumber": 11,
	"PhilipsRescaleSlope": 11.7668,
	"PhilipsRescaleIntercept": 0,
	"PhilipsScaleSlope": 0.00560938,
	"UsePhilipsFloatNotDisplayScaling": 1,
	"SliceThickness": 1,
	"SpacingBetweenSlices": 1,
	"SAR": 0.0382114,
	"EchoTime": 0.003501,
	"RepetitionTime": 0.007,
	"FlipAngle": 8,
	"PercentPhaseFOV": 100,
	"EchoTrainLength": 240,
	"PhaseEncodingSteps": 240,
	"AcquisitionMatrixPE": 240,
	"ReconMatrixPE": 240,
	"PixelBandwidth": 310,
	"ImageOrientationPatientDICOM": [
		5.96717e-05,
		0.999997,
		-0.00258798,
		0.000517665,
		-0.00258801,
		-0.999997	],
	"InPlanePhaseEncodingDirectionDICOM": "ROW",
	"ConversionSoftware": "dcm2niix",
	"ConversionSoftwareVersion": "v1.0.20180404 GCC7.3.1"
}
