{
	"Modality": "MR",
	"MagneticFieldStrength": 3,
	"Manufacturer": "Philips",
	"ManufacturersModelName": "Ingenia",
	"InstitutionName": "I.N._Psiquiatria",
	"InstitutionalDepartmentName": "Imagenes_Cerebrales",
	"InstitutionAddress": "Calzada_Mexico_Xochimilco_No.101_Tlalpan",
	"DeviceSerialNumber": "42451",
	"StationName": "INGENIA",
	"PatientPosition": "HFS",
	"ProcedureStepDescription": "EDUARDO_TMS",
	"SoftwareVersions": "2.6.3_5.1.7.2",
	"SeriesDescription": "FM_EPI_32chSHC_PA",
	"ProtocolName": "WIP_FM_EPI_32chSHC_PA_SENSE",
	"ScanningSequence": "GR",
	"SequenceVariant": "SK",
	"ScanOptions": "FS",
	"ImageType": [
		"ORIGINAL",
		"PRIMARY",
		"M",
		"FFE",
		"M",
		"FFE"
	],
	"SeriesNumber": 201,
	"AcquisitionTime": "10:58:11.140000",
	"PhilipsRescaleSlope": 0.839072,
	"PhilipsRescaleIntercept": 0,
	"PhilipsScaleSlope": 0.0437477,
	"UsePhilipsFloatNotDisplayScaling": 1,
	"SliceThickness": 3.33,
	"SpacingBetweenSlices": 3.33,
	"SAR": 0.0626904,
	"EchoTime": 0.03,
	"RepetitionTime": 2,
	"FlipAngle": 75,
	"PercentPhaseFOV": 100,
	"EchoTrainLength": 35,
	"PhaseEncodingSteps": 70,
	"AcquisitionMatrixPE": 70,
	"ReconMatrixPE": 80,
	"PixelBandwidth": 1819,
	"PhaseEncodingAxis": "j",
	"ImageOrientationPatientDICOM": [
		0.9999,
		0.0139819,
		-0.00224002,
		-0.0139662,
		0.999879,
		0.00684701
	],
	"InPlanePhaseEncodingDirectionDICOM": "COL",
	"ConversionSoftware": "dcm2niix",
	"ConversionSoftwareVersion": "v1.0.20180404 GCC7.3.1",
	"PhaseEncodingDirection": "j",
	"EffectiveEchoSpacing": 0.000698,
	"TotalReadoutTime": 0.04884,
	"IntendedFor": "ses-t1/func/sub-001_ses-t1_task-rest_bold.nii.gz"
}