{
    "Modality": "MR",
    "MagneticFieldStrength": 3,
    "ImagingFrequency": 127.766,
    "Manufacturer": "Philips",
    "ManufacturersModelName": "Ingenia",
    "InstitutionName": "I.N._Psiquiatria",
    "InstitutionalDepartmentName": "Imagenes_Cerebrales",
    "InstitutionAddress": "Calzada_Mexico_Xochimilco_No.101_Tlalpan",
    "DeviceSerialNumber": "42451",
    "StationName": "INGENIA",
    "PatientPosition": "HFS",
    "ProcedureStepDescription": "EDUARDO_TMS",
    "SoftwareVersions": "5.1.7_5.1.7.2",
    "MRAcquisitionType": "2D",
    "SeriesDescription": "FM_DTI_136_2_SHELLS_PA",
    "ProtocolName": "WIP_FM_DTI_136_2_SHELLS_PA_SENSE",
    "ScanningSequence": "SE",
    "SequenceVariant": "SK",
    "ScanOptions": "FS",
    "ImageType": [
        "ORIGINAL",
        "PRIMARY",
        "M",
        "SE",
        "M",
        "SE"
    ],
    "SeriesNumber": 501,
    "AcquisitionTime": "10:59:21.130000",
    "AcquisitionNumber": 5,
    "PhilipsRescaleSlope": 3.80635,
    "PhilipsRescaleIntercept": 0,
    "PhilipsScaleSlope": 0.0257286,
    "UsePhilipsFloatNotDisplayScaling": 1,
    "SliceThickness": 2.3,
    "SpacingBetweenSlices": 2.3,
    "SAR": 0.090346,
    "EchoTime": 0.127,
    "RepetitionTime": 9,
    "FlipAngle": 90,
    "CoilString": "MULTI_COIL",
    "PartialFourier": 0.40625,
    "PercentPhaseFOV": 100,
    "EchoTrainLength": 39,
    "PhaseEncodingSteps": 96,
    "AcquisitionMatrixPE": 96,
    "ReconMatrixPE": 112,
    "PixelBandwidth": 1531,
    "PhaseEncodingAxis": "j",
    "ImageOrientationPatientDICOM": [
        0.99998,
        0.000660023,
        -0.00624637,
        -0.000679628,
        0.999995,
        -0.00313703
    ],
    "InPlanePhaseEncodingDirectionDICOM": "COL",
    "ConversionSoftware": "dcm2niix",
    "ConversionSoftwareVersion": "v1.0.20190410  (JP2:OpenJPEG) GCC6.3.0",
    "Dcm2bidsVersion": "2.1.4",
    "IntendedFor": "ses-t2/dwi/sub-003_ses-t2_dwi.nii.gz",
    "PhaseEncodingDirection": "j",
    "EffectiveEchoSpacing": 0.000803,
    "TotalReadoutTime": 0.06265
}