{
	"Modality": "MR",
	"MagneticFieldStrength": 3,
	"Manufacturer": "Philips",
	"ManufacturersModelName": "Ingenia",
	"InstitutionName": "I.N._Psiquiatria",
	"InstitutionalDepartmentName": "Imagenes_Cerebrales",
	"InstitutionAddress": "Calzada_Mexico_Xochimilco_No.101_Tlalpan",
	"DeviceSerialNumber": "42451",
	"StationName": "PHILIPS-CTMFQSD",
	"BodyPartExamined": "BRAIN",
	"PatientPosition": "HFS",
	"ProcedureStepDescription": "EDUARDO_TMS",
	"SoftwareVersions": "5.3.1_5.3.1.0",
	"MRAcquisitionType": "2D",
	"SeriesDescription": "FM_DTI_136_2_SHELLS_PA",
	"ProtocolName": "WIP_FM_DTI_136_2_SHELLS_PA",
	"ScanningSequence": "SE",
	"SequenceVariant": "SK",
	"ScanOptions": "FS",
	"ImageType": ["ORIGINAL", "PRIMARY", "M", "SE", "M", "SE"],
	"SeriesNumber": 501,
	"AcquisitionTime": "10:38:49.590000",
	"AcquisitionNumber": 5,
	"PhilipsRescaleSlope": 2.07204,
	"PhilipsRescaleIntercept": 0,
	"PhilipsScaleSlope": 0.0274097,
	"UsePhilipsFloatNotDisplayScaling": 1,
	"SliceThickness": 2.5,
	"SpacingBetweenSlices": 2.5,
	"SAR": 0.090421,
	"EchoTime": 0.127,
	"RepetitionTime": 9,
	"FlipAngle": 90,
	"PercentPhaseFOV": 100,
	"EchoTrainLength": 37,
	"PhaseEncodingSteps": 92,
	"AcquisitionMatrixPE": 92,
	"ReconMatrixPE": 128,
	"PixelBandwidth": 1441,
	"PhaseEncodingAxis": "j",
	"ImageOrientationPatientDICOM": [
		0.999985,
		0.00418758,
		-0.00364955,
		-0.0042116,
		0.999969,
		-0.00659756	],
	"InPlanePhaseEncodingDirectionDICOM": "COL",
	"ConversionSoftware": "dcm2niix",
	"ConversionSoftwareVersion": "v1.0.20180404 GCC7.3.1",
	"PhaseEncodingDirection": "j",
	"EffectiveEchoSpacing": 0.000847,
	"TotalReadoutTime": 0.06265,
	"IntendedFor": "ses-t0/dwi/sub-032_ses-t0_dwi.nii.gz"
}
