{
	"Modality": "MR",
	"MagneticFieldStrength": 3,
	"Manufacturer": "Philips",
	"ManufacturersModelName": "Ingenia",
	"InstitutionName": "I.N._Psiquiatria",
	"InstitutionalDepartmentName": "Imagenes_Cerebrales",
	"InstitutionAddress": "Calzada_Mexico_Xochimilco_No.101_Tlalpan",
	"DeviceSerialNumber": "42451",
	"StationName": "PHILIPS-CTMFQSD",
	"BodyPartExamined": "BRAIN",
	"PatientPosition": "HFS",
	"ProcedureStepDescription": "EDUARDO_TMS",
	"SoftwareVersions": "5.3.1_5.3.1.1",
	"MRAcquisitionType": "3D",
	"SeriesDescription": "sT1W_3D_TFE_32_channel",
	"ProtocolName": "sT1W_3D_TFE_32_channel",
	"ScanningSequence": "GR",
	"SequenceVariant": "MP",
	"ScanOptions": "OTHER",
	"ImageType": ["ORIGINAL", "PRIMARY", "M", "FFE", "M", "FFE"],
	"SeriesNumber": 601,
	"AcquisitionTime": "12:09:32.990000",
	"AcquisitionNumber": 6,
	"PhilipsRescaleSlope": 75.7985,
	"PhilipsRescaleIntercept": 0,
	"PhilipsScaleSlope": 0.00566802,
	"UsePhilipsFloatNotDisplayScaling": 1,
	"SliceThickness": 1,
	"SpacingBetweenSlices": 1,
	"SAR": 0.0382114,
	"EchoTime": 0.0035,
	"RepetitionTime": 0.007,
	"FlipAngle": 8,
	"PercentPhaseFOV": 100,
	"EchoTrainLength": 240,
	"PhaseEncodingSteps": 240,
	"AcquisitionMatrixPE": 240,
	"ReconMatrixPE": 240,
	"PixelBandwidth": 310,
	"ImageOrientationPatientDICOM": [
		-0.0042116,
		0.999942,
		0.00988462,
		-0.00362181,
		0.00986939,
		-0.999945	],
	"InPlanePhaseEncodingDirectionDICOM": "ROW",
	"ConversionSoftware": "dcm2niix",
	"ConversionSoftwareVersion": "v1.0.20180404 GCC7.3.1"
}
