{
	"Modality": "MR",
	"MagneticFieldStrength": 3,
	"Manufacturer": "Philips",
	"ManufacturersModelName": "Ingenia",
	"InstitutionName": "I.N._Psiquiatria",
	"InstitutionalDepartmentName": "Imagenes_Cerebrales",
	"InstitutionAddress": "Calzada_Mexico_Xochimilco_No.101_Tlalpan",
	"DeviceSerialNumber": "42451",
	"StationName": "INGENIA",
	"PatientPosition": "HFS",
	"ProcedureStepDescription": "EDUARDO_TLP",
	"SoftwareVersions": "5.1.7_5.1.7.2",
	"MRAcquisitionType": "2D",
	"SeriesDescription": "FM_DTI_136_2_SHELLS_PA",
	"ProtocolName": "WIP_FM_DTI_136_2_SHELLS_PA_SENSE",
	"ScanningSequence": "SE",
	"SequenceVariant": "SK",
	"ScanOptions": "FS",
	"ImageType": [
		"ORIGINAL",
		"PRIMARY",
		"M",
		"SE",
		"M",
		"SE"
	],
	"SeriesNumber": 501,
	"AcquisitionTime": "08:40:34.420000",
	"AcquisitionNumber": 5,
	"PhilipsRescaleSlope": 2.7011,
	"PhilipsRescaleIntercept": 0,
	"PhilipsScaleSlope": 0.0359061,
	"UsePhilipsFloatNotDisplayScaling": 1,
	"SliceThickness": 2.5,
	"SpacingBetweenSlices": 2.5,
	"SAR": 0.0903402,
	"EchoTime": 0.127,
	"RepetitionTime": 9,
	"FlipAngle": 90,
	"PercentPhaseFOV": 100,
	"EchoTrainLength": 37,
	"PhaseEncodingSteps": 92,
	"AcquisitionMatrixPE": 92,
	"ReconMatrixPE": 128,
	"PixelBandwidth": 1441,
	"PhaseEncodingAxis": "j",
	"ImageOrientationPatientDICOM": [
		0.999991,
		0.00421785,
		0.000549588,
		-0.00421879,
		0.99999,
		0.001719
	],
	"InPlanePhaseEncodingDirectionDICOM": "COL",
	"ConversionSoftware": "dcm2niix",
	"ConversionSoftwareVersion": "v1.0.20180404 GCC7.3.1",
	"PhaseEncodingDirection": "j",
	"EffectiveEchoSpacing": 0.000847,
	"TotalReadoutTime": 0.06265,
	"IntendedFor": "ses-t1/dwi/sub-015_ses-t1_dwi.nii.gz"
}