{
    "Modality": "MR",
    "MagneticFieldStrength": 3,
    "ImagingFrequency": 127.766,
    "Manufacturer": "Philips",
    "ManufacturersModelName": "Ingenia",
    "InstitutionName": "I.N._Psiquiatria",
    "InstitutionalDepartmentName": "Imagenes_Cerebrales",
    "InstitutionAddress": "Calzada_Mexico_Xochimilco_No.101_Tlalpan",
    "DeviceSerialNumber": "42451",
    "StationName": "INGENIA",
    "PatientPosition": "HFS",
    "ProcedureStepDescription": "EDUARDO_TMS",
    "SoftwareVersions": "2.6.3_5.1.7.2",
    "SeriesDescription": "DTI_136_2_SHELLS_AP",
    "ProtocolName": "WIP_DTI_136_2_SHELLS_AP_SENSE",
    "ScanningSequence": "SE",
    "SequenceVariant": "SK",
    "ScanOptions": "FS",
    "ImageType": [
        "ORIGINAL",
        "PRIMARY",
        "M",
        "SE",
        "M",
        "SE"
    ],
    "SeriesNumber": 801,
    "AcquisitionTime": "10:11:7.730000",
    "PhilipsRescaleSlope": 6.51673,
    "PhilipsRescaleIntercept": 0,
    "PhilipsScaleSlope": 0.014876,
    "UsePhilipsFloatNotDisplayScaling": 1,
    "SliceThickness": 2.3,
    "SpacingBetweenSlices": 2.3,
    "SAR": 0.090346,
    "EchoTime": 0.127,
    "RepetitionTime": 9,
    "FlipAngle": 90,
    "CoilString": "MULTI_COIL",
    "PartialFourier": 0.40625,
    "PercentPhaseFOV": 100,
    "EchoTrainLength": 39,
    "PhaseEncodingSteps": 96,
    "AcquisitionMatrixPE": 96,
    "ReconMatrixPE": 112,
    "PixelBandwidth": 1531,
    "PhaseEncodingAxis": "j",
    "ImageOrientationPatientDICOM": [
        0.999993,
        -0.000312605,
        -0.0038344,
        0.000304799,
        0.999998,
        -0.00203623
    ],
    "InPlanePhaseEncodingDirectionDICOM": "COL",
    "ConversionSoftware": "dcm2niix",
    "ConversionSoftwareVersion": "v1.0.20190410  (JP2:OpenJPEG) GCC6.3.0",
    "Dcm2bidsVersion": "2.1.4",
    "PhaseEncodingDirection": "j-",
    "EffectiveEchoSpacing": 0.000803,
    "TotalReadoutTime": 0.06265
}