{
    "Modality": "MR",
    "MagneticFieldStrength": 3,
    "ImagingFrequency": 127.766,
    "Manufacturer": "Philips",
    "ManufacturersModelName": "Ingenia",
    "InstitutionName": "I.N._Psiquiatria",
    "InstitutionalDepartmentName": "Imagenes_Cerebrales",
    "InstitutionAddress": "Calzada_Mexico_Xochimilco_No.101_Tlalpan",
    "DeviceSerialNumber": "42451",
    "StationName": "INGENIA",
    "PatientPosition": "HFS",
    "ProcedureStepDescription": "EDUARDO_TMS",
    "SoftwareVersions": "2.6.3_5.1.7.2",
    "MRAcquisitionType": "3D",
    "SeriesDescription": "sT1W_3D_TFE_32_channel",
    "ProtocolName": "WIP_sT1W_3D_TFE_32_channel_SENSE",
    "ScanningSequence": "GR",
    "SequenceVariant": "MP",
    "ScanOptions": "OTHER",
    "ImageType": [
        "ORIGINAL",
        "PRIMARY",
        "M",
        "FFE",
        "M",
        "FFE"
    ],
    "SeriesNumber": 401,
    "AcquisitionTime": "10:07:14.540000",
    "PhilipsRescaleSlope": 10.9455,
    "PhilipsRescaleIntercept": 0,
    "PhilipsScaleSlope": 0.00507328,
    "UsePhilipsFloatNotDisplayScaling": 1,
    "SliceThickness": 1,
    "SpacingBetweenSlices": 1,
    "SAR": 0.0382114,
    "EchoTime": 0.003501,
    "RepetitionTime": 0.007,
    "FlipAngle": 8,
    "CoilString": "MULTI_COIL",
    "PercentPhaseFOV": 100,
    "EchoTrainLength": 240,
    "PhaseEncodingSteps": 240,
    "AcquisitionMatrixPE": 240,
    "ReconMatrixPE": 240,
    "PixelBandwidth": 310,
    "ImageOrientationPatientDICOM": [
        -9.33131e-05,
        1,
        2.83473e-05,
        -0.016439,
        2.68095e-05,
        -0.999865
    ],
    "InPlanePhaseEncodingDirectionDICOM": "ROW",
    "ConversionSoftware": "dcm2niix",
    "ConversionSoftwareVersion": "v1.0.20190410  (JP2:OpenJPEG) GCC6.3.0",
    "Dcm2bidsVersion": "2.1.4"
}