{
    "Modality": "MR",
    "MagneticFieldStrength": 3,
    "ImagingFrequency": 127.766,
    "Manufacturer": "Philips",
    "ManufacturersModelName": "Ingenia",
    "InstitutionName": "I.N._Psiquiatria",
    "InstitutionalDepartmentName": "Imagenes_Cerebrales",
    "InstitutionAddress": "Calzada_Mexico_Xochimilco_No.101_Tlalpan",
    "DeviceSerialNumber": "42451",
    "StationName": "INGENIA",
    "PatientPosition": "HFS",
    "ProcedureStepDescription": "EDUARDO_TMS",
    "SoftwareVersions": "5.1.7_5.1.7.2",
    "MRAcquisitionType": "2D",
    "SeriesDescription": "DTI_136_2_SHELLS_AP",
    "ProtocolName": "WIP_DTI_136_2_SHELLS_AP_SENSE",
    "ScanningSequence": "SE",
    "SequenceVariant": "SK",
    "ScanOptions": "FS",
    "ImageType": [
        "ORIGINAL",
        "PRIMARY",
        "M",
        "SE",
        "M",
        "SE"
    ],
    "SeriesNumber": 601,
    "AcquisitionTime": "07:45:6.600000",
    "AcquisitionNumber": 6,
    "PhilipsRescaleSlope": 7.9221,
    "PhilipsRescaleIntercept": 0,
    "PhilipsScaleSlope": 0.0114557,
    "UsePhilipsFloatNotDisplayScaling": 1,
    "SliceThickness": 2.5,
    "SpacingBetweenSlices": 2.5,
    "SAR": 0.0903402,
    "EchoTime": 0.127,
    "RepetitionTime": 9,
    "FlipAngle": 90,
    "CoilString": "MULTI_COIL",
    "PartialFourier": 0.402174,
    "PercentPhaseFOV": 100,
    "EchoTrainLength": 37,
    "PhaseEncodingSteps": 92,
    "AcquisitionMatrixPE": 92,
    "ReconMatrixPE": 96,
    "PixelBandwidth": 1441,
    "PhaseEncodingAxis": "j",
    "ImageOrientationPatientDICOM": [
        0.999985,
        0.00421481,
        -0.00361807,
        -0.0042116,
        0.999991,
        0.000894704
    ],
    "InPlanePhaseEncodingDirectionDICOM": "COL",
    "ConversionSoftware": "dcm2niix",
    "ConversionSoftwareVersion": "v1.0.20190410  (JP2:OpenJPEG) GCC6.3.0",
    "Dcm2bidsVersion": "2.1.4",
    "PhaseEncodingDirection": "j-",
    "EffectiveEchoSpacing": 0.000847,
    "TotalReadoutTime": 0.06265
}