{
	"Modality": "MR",
	"MagneticFieldStrength": 3,
	"Manufacturer": "Philips",
	"ManufacturersModelName": "Ingenia",
	"InstitutionName": "I.N._Psiquiatria",
	"InstitutionalDepartmentName": "Imagenes_Cerebrales",
	"InstitutionAddress": "Calzada_Mexico_Xochimilco_No.101_Tlalpan",
	"DeviceSerialNumber": "42451",
	"StationName": "PHILIPS-CTMFQSD",
	"BodyPartExamined": "BRAIN",
	"PatientPosition": "HFS",
	"ProcedureStepDescription": "EDUARDO_TMS",
	"SoftwareVersions": "5.3.1_5.3.1.0",
	"MRAcquisitionType": "2D",
	"SeriesDescription": "DTI_136_2_SHELLS_AP",
	"ProtocolName": "DTI_136_2_SHELLS_AP",
	"ScanningSequence": "SE",
	"SequenceVariant": "SK",
	"ScanOptions": "FS",
	"ImageType": [
		"ORIGINAL",
		"PRIMARY",
		"M",
		"SE",
		"M",
		"SE"
	],
	"SeriesNumber": 601,
	"AcquisitionTime": "10:22:6.590000",
	"AcquisitionNumber": 6,
	"PhilipsRescaleSlope": 2.4862,
	"PhilipsRescaleIntercept": 0,
	"PhilipsScaleSlope": 0.0108295,
	"UsePhilipsFloatNotDisplayScaling": 1,
	"SliceThickness": 2.5,
	"SpacingBetweenSlices": 2.5,
	"SAR": 0.0904297,
	"EchoTime": 0.127,
	"RepetitionTime": 9,
	"FlipAngle": 90,
	"PercentPhaseFOV": 100,
	"EchoTrainLength": 37,
	"PhaseEncodingSteps": 92,
	"AcquisitionMatrixPE": 92,
	"ReconMatrixPE": 96,
	"PixelBandwidth": 1441,
	"PhaseEncodingAxis": "j",
	"ImageOrientationPatientDICOM": [
		0.997746,
		-0.0660122,
		0.0120537,
		0.0660111,
		0.997819,
		0.000485107
	],
	"InPlanePhaseEncodingDirectionDICOM": "COL",
	"ConversionSoftware": "dcm2niix",
	"ConversionSoftwareVersion": "v1.0.20180404 GCC7.3.1",
	"PhaseEncodingDirection": "j-",
	"EffectiveEchoSpacing": 0.000847,
	"TotalReadoutTime": 0.06265
}