{
    "Modality": "MR",
    "MagneticFieldStrength": 3,
    "Manufacturer": "Philips",
    "ManufacturersModelName": "Ingenia",
    "InstitutionName": "I.N._Psiquiatria",
    "InstitutionalDepartmentName": "Imagenes_Cerebrales",
    "InstitutionAddress": "Calzada_Mexico_Xochimilco_No.101_Tlalpan",
    "DeviceSerialNumber": "42451",
    "StationName": "PHILIPS-CTMFQSD",
    "BodyPartExamined": "BRAIN",
    "PatientPosition": "HFS",
    "ProcedureStepDescription": "PROTOCOLO_TMS",
    "SoftwareVersions": "5.3.1_5.3.1.0",
    "MRAcquisitionType": "2D",
    "SeriesDescription": "FM_EPI_32chSHC_PA",
    "ProtocolName": "WIP_FM_EPI_32chSHC_PA",
    "ScanningSequence": "GR",
    "SequenceVariant": "SK",
    "ScanOptions": "FS",
    "ImageType": [
        "ORIGINAL",
        "PRIMARY",
        "M",
        "FFE",
        "M",
        "FFE"
    ],
    "SeriesNumber": 201,
    "AcquisitionTime": "12:05:2.560000",
    "AcquisitionNumber": 2,
    "PhilipsRescaleSlope": 0.756288,
    "PhilipsRescaleIntercept": 0,
    "PhilipsScaleSlope": 0.0189512,
    "UsePhilipsFloatNotDisplayScaling": 1,
    "SliceThickness": 3.33,
    "SpacingBetweenSlices": 3.33,
    "SAR": 0.119138,
    "EchoTime": 0.03,
    "RepetitionTime": 2,
    "FlipAngle": 75,
    "PercentPhaseFOV": 100,
    "EchoTrainLength": 35,
    "PhaseEncodingSteps": 70,
    "AcquisitionMatrixPE": 70,
    "ReconMatrixPE": 80,
    "PixelBandwidth": 1819,
    "PhaseEncodingAxis": "j",
    "ImageOrientationPatientDICOM": [
        0.999985,
        0.00421886,
        -0.00361335,
        -0.0042116,
        0.999989,
        0.00201478
    ],
    "InPlanePhaseEncodingDirectionDICOM": "COL",
    "ConversionSoftware": "dcm2niix",
    "ConversionSoftwareVersion": "v1.0.20180404 GCC7.3.1",
    "IntendedFor": "func/sub-036_ses-t14_task-rest_bold.nii.gz",
	"PhaseEncodingDirection": "j",
	"EffectiveEchoSpacing": 0.000698,
	"TotalReadoutTime": 0.04884,
	"IntendedFor": "ses-t14/func/sub-036_ses-t14_task-rest_bold.nii.gz"
}