{
	"Modality": "MR",
	"MagneticFieldStrength": 3,
	"Manufacturer": "Philips",
	"ManufacturersModelName": "Ingenia",
	"InstitutionName": "I.N._Psiquiatria",
	"InstitutionalDepartmentName": "Imagenes_Cerebrales",
	"InstitutionAddress": "Calzada_Mexico_Xochimilco_No.101_Tlalpan",
	"DeviceSerialNumber": "42451",
	"StationName": "INGENIA",
	"PatientPosition": "HFS",
	"ProcedureStepDescription": "EDUARDO_TMS",
	"SoftwareVersions": "2.6.3_5.1.7.2",
	"SeriesDescription": "FM_DTI_136_2_SHELLS_PA",
	"ProtocolName": "WIP_FM_DTI_136_2_SHELLS_PA_SENSE",
	"ScanningSequence": "SE",
	"SequenceVariant": "SK",
	"ScanOptions": "FS",
	"ImageType": [
		"ORIGINAL",
		"PRIMARY",
		"M",
		"SE",
		"M",
		"SE"
	],
	"SeriesNumber": 501,
	"AcquisitionTime": "10:11:6.440000",
	"PhilipsRescaleSlope": 3.55604,
	"PhilipsRescaleIntercept": 0,
	"PhilipsScaleSlope": 0.0282095,
	"UsePhilipsFloatNotDisplayScaling": 1,
	"SliceThickness": 2.3,
	"SpacingBetweenSlices": 2.3,
	"SAR": 0.091964,
	"EchoTime": 0.127,
	"RepetitionTime": 9,
	"FlipAngle": 90,
	"PercentPhaseFOV": 100,
	"EchoTrainLength": 39,
	"PhaseEncodingSteps": 96,
	"AcquisitionMatrixPE": 96,
	"ReconMatrixPE": 112,
	"PixelBandwidth": 2232,
	"PhaseEncodingAxis": "j",
	"ImageOrientationPatientDICOM": [
		0.999995,
		9.37665e-05,
		-0.00303296,
		-9.36848e-05,
		1,
		2.70937e-05
	],
	"InPlanePhaseEncodingDirectionDICOM": "COL",
	"ConversionSoftware": "dcm2niix",
	"ConversionSoftwareVersion": "v1.0.20180404 GCC7.3.1",
	"PhaseEncodingDirection": "j",
	"EffectiveEchoSpacing": 0.000620,
	"TotalReadoutTime": 0.004833,
	"IntendedFor": "ses-t0/dwi/sub-002_ses-t0_dwi.nii.gz"
}