{
    "Modality": "MR",
    "MagneticFieldStrength": 3,
    "ImagingFrequency": 127.766,
    "Manufacturer": "Philips",
    "ManufacturersModelName": "Ingenia",
    "InstitutionName": "I.N._Psiquiatria",
    "InstitutionalDepartmentName": "Imagenes_Cerebrales",
    "InstitutionAddress": "Calzada_Mexico_Xochimilco_No.101_Tlalpan",
    "DeviceSerialNumber": "42451",
    "StationName": "PHILIPS-CTMFQSD",
    "BodyPartExamined": "BRAIN",
    "PatientPosition": "HFS",
    "ProcedureStepDescription": "EDUARTO_TMS",
    "SoftwareVersions": "5.3.1_5.3.1.0",
    "MRAcquisitionType": "3D",
    "SeriesDescription": "sT1W_3D_TFE_32_channel",
    "ProtocolName": "sT1W_3D_TFE_32_channel",
    "ScanningSequence": "GR",
    "SequenceVariant": "MP",
    "ScanOptions": "OTHER",
    "ImageType": [
        "ORIGINAL",
        "PRIMARY",
        "M",
        "FFE",
        "M",
        "FFE"
    ],
    "SeriesNumber": 401,
    "AcquisitionTime": "07:39:41.510000",
    "AcquisitionNumber": 4,
    "PhilipsRescaleSlope": 20.2857,
    "PhilipsRescaleIntercept": 0,
    "PhilipsScaleSlope": 0.00610824,
    "UsePhilipsFloatNotDisplayScaling": 1,
    "SliceThickness": 1,
    "SpacingBetweenSlices": 1,
    "SAR": 0.0383107,
    "EchoTime": 0.003501,
    "RepetitionTime": 0.007,
    "FlipAngle": 8,
    "CoilString": "MULTI_COIL",
    "PercentPhaseFOV": 100,
    "EchoTrainLength": 241,
    "PhaseEncodingSteps": 241,
    "AcquisitionMatrixPE": 241,
    "ReconMatrixPE": 256,
    "PixelBandwidth": 310,
    "ImageOrientationPatientDICOM": [
        0.0329803,
        0.999403,
        0.0102525,
        -0.00323857,
        0.0103649,
        -0.999941
    ],
    "InPlanePhaseEncodingDirectionDICOM": "ROW",
    "ConversionSoftware": "dcm2niix",
    "ConversionSoftwareVersion": "v1.0.20190410  (JP2:OpenJPEG) GCC6.3.0",
    "Dcm2bidsVersion": "2.1.4"
}