{
    "Modality": "MR",
    "MagneticFieldStrength": 3,
    "ImagingFrequency": 127.76,
    "Manufacturer": "Philips",
    "ManufacturersModelName": "Ingenia",
    "InstitutionName": "I.N._Psiquiatria",
    "InstitutionalDepartmentName": "Imagenes_Cerebrales",
    "InstitutionAddress": "Calzada_Mexico_Xochimilco_No.101_Tlalpan",
    "DeviceSerialNumber": "42451",
    "StationName": "PHILIPS-CTMFQSD",
    "BodyPartExamined": "BRAIN",
    "PatientPosition": "HFS",
    "ProcedureStepDescription": "EDUARDO_TMS",
    "SoftwareVersions": "5.3.1_5.3.1.0",
    "MRAcquisitionType": "2D",
    "SeriesDescription": "FE_EPI_32chSHC_AP",
    "ProtocolName": "WIP_FE_EPI_32chSHC_AP",
    "ScanningSequence": "GR",
    "SequenceVariant": "SK",
    "ScanOptions": "FS",
    "ImageType": [
        "ORIGINAL",
        "PRIMARY",
        "M",
        "FFE",
        "M",
        "FFE"
    ],
    "SeriesNumber": 301,
    "AcquisitionTime": "10:24:32.140000",
    "AcquisitionNumber": 3,
    "PhilipsRescaleSlope": 0.842002,
    "PhilipsRescaleIntercept": 0,
    "PhilipsScaleSlope": 0.0227437,
    "UsePhilipsFloatNotDisplayScaling": 1,
    "SliceThickness": 3.33,
    "SpacingBetweenSlices": 3.33,
    "SAR": 0.119138,
    "EchoTime": 0.03,
    "RepetitionTime": 2,
    "FlipAngle": 75,
    "CoilString": "MULTI_COIL",
    "PartialFourier": 0.5,
    "PercentPhaseFOV": 100,
    "EchoTrainLength": 35,
    "PhaseEncodingSteps": 70,
    "AcquisitionMatrixPE": 70,
    "ReconMatrixPE": 80,
    "PixelBandwidth": 1819,
    "PhaseEncodingAxis": "j",
    "ImageOrientationPatientDICOM": [
        0.999985,
        0.00418758,
        -0.00364955,
        -0.0042116,
        0.999969,
        -0.00659756
    ],
    "InPlanePhaseEncodingDirectionDICOM": "COL",
    "ConversionSoftware": "dcm2niix",
    "ConversionSoftwareVersion": "v1.0.20190410  (JP2:OpenJPEG) GCC6.3.0",
    "Dcm2bidsVersion": "2.1.4",
    "TaskName": "rest",
    "PhaseEncodingDirection": "j-",
    "SliceTiming": [
        0.000000,
        1.027027,
        0.054054,
        1.081081,
        0.108108,
        1.135135,
        0.162162,
        1.189189,
        0.216216,
        1.243244,
        0.270270,
        1.297298,
        0.324324,
        1.351352,
        0.378378,
        1.405406,
        0.432432,
        1.459460,
        0.486486,
        1.513514,
        0.540541,
        1.567568,
        0.594595,
        1.621622,
        0.648649,
        1.675676,
        0.702703,
        1.729730,
        0.756757,
        1.783784,
        0.810811,
        1.837838,
        0.864865,
        1.891892,
        0.918919,
        1.945947,
        0.972973
    ],
    "EffectiveEchoSpacing": 0.000698,
    "TotalReadoutTime": 0.04884
}