{
    "Modality": "MR",
    "MagneticFieldStrength": 3,
    "ImagingFrequency": 127.766,
    "Manufacturer": "Philips",
    "ManufacturersModelName": "Ingenia",
    "InstitutionName": "I.N._Psiquiatria",
    "InstitutionalDepartmentName": "Imagenes_Cerebrales",
    "InstitutionAddress": "Calzada_Mexico_Xochimilco_No.101_Tlalpan",
    "DeviceSerialNumber": "42451",
    "StationName": "INGENIA",
    "PatientPosition": "HFS",
    "ProcedureStepDescription": "EDUARDOTMS",
    "SoftwareVersions": "2.6.3_5.1.7.2",
    "SeriesDescription": "FM_EPI_32chSHC_PA",
    "ProtocolName": "WIP_FM_EPI_32chSHC_PA_SENSE",
    "ScanningSequence": "GR",
    "SequenceVariant": "SK",
    "ScanOptions": "FS",
    "ImageType": [
        "ORIGINAL",
        "PRIMARY",
        "M",
        "FFE",
        "M",
        "FFE"
    ],
    "SeriesNumber": 201,
    "AcquisitionTime": "10:49:3.760000",
    "PhilipsRescaleSlope": 0.748718,
    "PhilipsRescaleIntercept": 0,
    "PhilipsScaleSlope": 0.0569178,
    "UsePhilipsFloatNotDisplayScaling": 1,
    "SliceThickness": 3.33,
    "SpacingBetweenSlices": 3.33,
    "SAR": 0.119138,
    "EchoTime": 0.03,
    "RepetitionTime": 2,
    "FlipAngle": 75,
    "CoilString": "MULTI_COIL",
    "PartialFourier": 0.5,
    "PercentPhaseFOV": 100,
    "EchoTrainLength": 35,
    "PhaseEncodingSteps": 70,
    "AcquisitionMatrixPE": 70,
    "ReconMatrixPE": 80,
    "PixelBandwidth": 1819,
    "PhaseEncodingAxis": "j",
    "ImageOrientationPatientDICOM": [
        0.998671,
        0.0430088,
        -0.0283928,
        -0.0429744,
        0.999075,
        0.00182202
    ],
    "InPlanePhaseEncodingDirectionDICOM": "COL",
    "ConversionSoftware": "dcm2niix",
    "ConversionSoftwareVersion": "v1.0.20190410  (JP2:OpenJPEG) GCC6.3.0",
    "Dcm2bidsVersion": "2.1.4",
    "IntendedFor": "func/sub-009_ses-t0_task-rest_bold.nii.gz",
    "PhaseEncodingDirection": "j",
    "EffectiveEchoSpacing": 0.000698,
    "TotalReadoutTime": 0.04884
}