{
    "Modality": "MR",
    "MagneticFieldStrength": 3,
    "ImagingFrequency": 127.766,
    "Manufacturer": "Philips",
    "ManufacturersModelName": "Ingenia",
    "InstitutionName": "I.N._Psiquiatria",
    "InstitutionalDepartmentName": "Imagenes_Cerebrales",
    "InstitutionAddress": "Calzada_Mexico_Xochimilco_No.101_Tlalpan",
    "DeviceSerialNumber": "42451",
    "StationName": "INGENIA",
    "PatientPosition": "HFS",
    "ProcedureStepDescription": "EDUARDO_TMS",
    "SoftwareVersions": "2.6.3_5.1.7.2",
    "SeriesDescription": "FM_EPI_32chSHC_PA",
    "ProtocolName": "WIP_FM_EPI_32chSHC_PA_SENSE",
    "ScanningSequence": "GR",
    "SequenceVariant": "SK",
    "ScanOptions": "FS",
    "ImageType": [
        "ORIGINAL",
        "PRIMARY",
        "M",
        "FFE",
        "M",
        "FFE"
    ],
    "SeriesNumber": 201,
    "AcquisitionTime": "12:37:6.500000",
    "PhilipsRescaleSlope": 0.820757,
    "PhilipsRescaleIntercept": 0,
    "PhilipsScaleSlope": 0.0488843,
    "UsePhilipsFloatNotDisplayScaling": 1,
    "SliceThickness": 3.3,
    "SpacingBetweenSlices": 3.3,
    "SAR": 0.12677,
    "EchoTime": 0.030001,
    "RepetitionTime": 2,
    "FlipAngle": 75,
    "CoilString": "MULTI_COIL",
    "PartialFourier": 0.5,
    "PercentPhaseFOV": 100,
    "EchoTrainLength": 35,
    "PhaseEncodingSteps": 70,
    "AcquisitionMatrixPE": 70,
    "ReconMatrixPE": 80,
    "PixelBandwidth": 2337,
    "PhaseEncodingAxis": "j",
    "ImageOrientationPatientDICOM": [
        1,
        9.75794e-05,
        8.86017e-05,
        -9.3769e-05,
        0.999116,
        -0.042032
    ],
    "InPlanePhaseEncodingDirectionDICOM": "COL",
    "ConversionSoftware": "dcm2niix",
    "ConversionSoftwareVersion": "v1.0.20190410  (JP2:OpenJPEG) GCC6.3.0",
    "Dcm2bidsVersion": "2.1.4",
    "IntendedFor": "ses-t0/func/sub-004_ses-t0_task-rest_bold.nii.gz",
    "PhaseEncodingDirection": "j",
    "EffectiveEchoSpacing": 0.000571,
    "TotalReadoutTime": 0.03994
}