{
    "Modality": "MR",
    "MagneticFieldStrength": 3,
    "ImagingFrequency": 127.759,
    "Manufacturer": "Philips",
    "ManufacturersModelName": "Ingenia",
    "InstitutionName": "I.N._Psiquiatria",
    "InstitutionalDepartmentName": "Imagenes_Cerebrales",
    "InstitutionAddress": "Calzada_Mexico_Xochimilco_No.101_Tlalpan",
    "DeviceSerialNumber": "42451",
    "StationName": "PHILIPS-CTMFQSD",
    "BodyPartExamined": "BRAIN",
    "PatientPosition": "HFS",
    "ProcedureStepDescription": "PROTOCOLO_EDUARDO_TMS",
    "SoftwareVersions": "5.3.1_5.3.1.0",
    "MRAcquisitionType": "2D",
    "SeriesDescription": "FM_EPI_32chSHC_PA",
    "ProtocolName": "WIP_FM_EPI_32chSHC_PA",
    "ScanningSequence": "GR",
    "SequenceVariant": "SK",
    "ScanOptions": "FS",
    "ImageType": [
        "ORIGINAL",
        "PRIMARY",
        "M",
        "FFE",
        "M",
        "FFE"
    ],
    "SeriesNumber": 201,
    "AcquisitionTime": "09:43:38.570000",
    "AcquisitionNumber": 2,
    "PhilipsRescaleSlope": 0.832479,
    "PhilipsRescaleIntercept": 0,
    "PhilipsScaleSlope": 0.0214989,
    "UsePhilipsFloatNotDisplayScaling": 1,
    "SliceThickness": 3.33,
    "SpacingBetweenSlices": 3.33,
    "SAR": 0.119138,
    "EchoTime": 0.03,
    "RepetitionTime": 2,
    "FlipAngle": 75,
    "CoilString": "MULTI_COIL",
    "PartialFourier": 0.5,
    "PercentPhaseFOV": 100,
    "EchoTrainLength": 35,
    "PhaseEncodingSteps": 70,
    "AcquisitionMatrixPE": 70,
    "ReconMatrixPE": 80,
    "PixelBandwidth": 1819,
    "PhaseEncodingAxis": "j",
    "ImageOrientationPatientDICOM": [
        0.999991,
        -0.00203723,
        -0.00363289,
        0.00202769,
        0.999995,
        -0.00262555
    ],
    "InPlanePhaseEncodingDirectionDICOM": "COL",
    "ConversionSoftware": "dcm2niix",
    "ConversionSoftwareVersion": "v1.0.20190410  (JP2:OpenJPEG) GCC6.3.0",
    "Dcm2bidsVersion": "2.1.4",
    "IntendedFor": "func/sub-050_ses-t1_task-rest_bold.nii.gz",
    "PhaseEncodingDirection": "j",
    "EffectiveEchoSpacing": 0.000698,
    "TotalReadoutTime": 0.04884
}