{
    "Modality": "MR",
    "MagneticFieldStrength": 3,
    "ImagingFrequency": 127.759,
    "Manufacturer": "Philips",
    "ManufacturersModelName": "Ingenia",
    "InstitutionName": "I.N._Psiquiatria",
    "InstitutionalDepartmentName": "Imagenes_Cerebrales",
    "InstitutionAddress": "Calzada_Mexico_Xochimilco_No.101_Tlalpan",
    "DeviceSerialNumber": "42451",
    "StationName": "PHILIPS-CTMFQSD",
    "BodyPartExamined": "BRAIN",
    "PatientPosition": "HFS",
    "ProcedureStepDescription": "PROTOCOLO_EDUARDO_TMS",
    "SoftwareVersions": "5.3.1_5.3.1.0",
    "MRAcquisitionType": "3D",
    "SeriesDescription": "sT1W_3D_TFE_32_channel",
    "ProtocolName": "WIP_sT1W_3D_TFE_32_channel",
    "ScanningSequence": "GR",
    "SequenceVariant": "MP",
    "ScanOptions": "OTHER",
    "ImageType": [
        "ORIGINAL",
        "PRIMARY",
        "M",
        "FFE",
        "M",
        "FFE"
    ],
    "SeriesNumber": 401,
    "AcquisitionTime": "09:55:7.020000",
    "AcquisitionNumber": 4,
    "PhilipsRescaleSlope": 3.63565,
    "PhilipsRescaleIntercept": 0,
    "PhilipsScaleSlope": 0.00627541,
    "UsePhilipsFloatNotDisplayScaling": 1,
    "SliceThickness": 1,
    "SpacingBetweenSlices": 1,
    "SAR": 0.0380129,
    "EchoTime": 0.0035,
    "RepetitionTime": 0.007,
    "FlipAngle": 8,
    "CoilString": "MULTI_COIL",
    "PercentPhaseFOV": 100,
    "EchoTrainLength": 238,
    "PhaseEncodingSteps": 238,
    "AcquisitionMatrixPE": 238,
    "ReconMatrixPE": 240,
    "PixelBandwidth": 310,
    "ImageOrientationPatientDICOM": [
        0.00204943,
        0.999995,
        -0.00260862,
        0.00466819,
        -0.00261816,
        -0.999986
    ],
    "InPlanePhaseEncodingDirectionDICOM": "ROW",
    "ConversionSoftware": "dcm2niix",
    "ConversionSoftwareVersion": "v1.0.20190410  (JP2:OpenJPEG) GCC6.3.0",
    "Dcm2bidsVersion": "2.1.4"
}