{
	"Modality": "MR",
	"MagneticFieldStrength": 3,
	"Manufacturer": "Philips",
	"ManufacturersModelName": "Ingenia",
	"InstitutionName": "I.N._Psiquiatria",
	"InstitutionalDepartmentName": "Imagenes_Cerebrales",
	"InstitutionAddress": "Calzada_Mexico_Xochimilco_No.101_Tlalpan",
	"DeviceSerialNumber": "42451",
	"StationName": "INGENIA",
	"PatientPosition": "HFS",
	"ProcedureStepDescription": "EDUARDO_TMS",
	"SoftwareVersions": "5.1.7_5.1.7.2",
	"MRAcquisitionType": "2D",
	"SeriesDescription": "FM_EPI_32chSHC_PA",
	"ProtocolName": "WIP_FM_EPI_32chSHC_PA_SENSE",
	"ScanningSequence": "GR",
	"SequenceVariant": "SK",
	"ScanOptions": "FS",
	"ImageType": [
		"ORIGINAL",
		"PRIMARY",
		"M",
		"FFE",
		"M",
		"FFE"
	],
	"SeriesNumber": 201,
	"AcquisitionTime": "13:12:23.940000",
	"AcquisitionNumber": 2,
	"PhilipsRescaleSlope": 0.783883,
	"PhilipsRescaleIntercept": 0,
	"PhilipsScaleSlope": 0.0567755,
	"UsePhilipsFloatNotDisplayScaling": 1,
	"SliceThickness": 3.33,
	"SpacingBetweenSlices": 3.33,
	"SAR": 0.119138,
	"EchoTime": 0.03,
	"RepetitionTime": 2,
	"FlipAngle": 75,
	"PercentPhaseFOV": 100,
	"EchoTrainLength": 35,
	"PhaseEncodingSteps": 70,
	"AcquisitionMatrixPE": 70,
	"ReconMatrixPE": 80,
	"PixelBandwidth": 1819,
	"PhaseEncodingAxis": "j",
	"ImageOrientationPatientDICOM": [
		0.999991,
		0.0042047,
		0.000602534,
		-0.00420355,
		0.999989,
		-0.00191128
	],
	"InPlanePhaseEncodingDirectionDICOM": "COL",
	"ConversionSoftware": "dcm2niix",
	"ConversionSoftwareVersion": "v1.0.20180404 GCC7.3.1",
	"PhaseEncodingDirection": "j",
	"EffectiveEchoSpacing": 0.000698,
	"TotalReadoutTime": 0.04884,
	"IntendedFor": "ses-t0/func/sub-014_ses-t0_task-rest_bold.nii.gz"
}