{
    "Modality": "MR",
    "MagneticFieldStrength": 3,
    "ImagingFrequency": 127.766,
    "Manufacturer": "Philips",
    "ManufacturersModelName": "Ingenia",
    "InstitutionName": "I.N._Psiquiatria",
    "InstitutionalDepartmentName": "Imagenes_Cerebrales",
    "InstitutionAddress": "Calzada_Mexico_Xochimilco_No.101_Tlalpan",
    "DeviceSerialNumber": "42451",
    "StationName": "INGENIA",
    "PatientPosition": "HFS",
    "ProcedureStepDescription": "EDUARDO_TMS",
    "SoftwareVersions": "2.6.3_5.1.7.2",
    "SeriesDescription": "FE_EPI_32chSHC_AP",
    "ProtocolName": "WIP_FE_EPI_32chSHC_AP_SENSE",
    "ScanningSequence": "GR",
    "SequenceVariant": "SK",
    "ScanOptions": "FS",
    "ImageType": [
        "ORIGINAL",
        "PRIMARY",
        "M",
        "FFE",
        "M",
        "FFE"
    ],
    "SeriesNumber": 301,
    "AcquisitionTime": "12:37:50.810000",
    "PhilipsRescaleSlope": 0.755556,
    "PhilipsRescaleIntercept": 0,
    "PhilipsScaleSlope": 0.0572371,
    "UsePhilipsFloatNotDisplayScaling": 1,
    "SliceThickness": 3.3,
    "SpacingBetweenSlices": 3.3,
    "SAR": 0.126769,
    "EchoTime": 0.03,
    "RepetitionTime": 2,
    "FlipAngle": 75,
    "CoilString": "MULTI_COIL",
    "PartialFourier": 0.5,
    "PercentPhaseFOV": 100,
    "EchoTrainLength": 35,
    "PhaseEncodingSteps": 70,
    "AcquisitionMatrixPE": 70,
    "ReconMatrixPE": 80,
    "PixelBandwidth": 2308,
    "PhaseEncodingAxis": "j",
    "ImageOrientationPatientDICOM": [
        1,
        9.75794e-05,
        8.86017e-05,
        -9.3769e-05,
        0.999116,
        -0.042032
    ],
    "InPlanePhaseEncodingDirectionDICOM": "COL",
    "ConversionSoftware": "dcm2niix",
    "ConversionSoftwareVersion": "v1.0.20190410  (JP2:OpenJPEG) GCC6.3.0",
    "Dcm2bidsVersion": "2.1.4",
    "TaskName": "rest",
    "PhaseEncodingDirection": "j-",
    "SliceTiming": [
        0.000000,
        1.025641,
        0.051282,
        1.076923,
        0.102564,
        1.128205,
        0.153846,
        1.179487,
        0.205128,
        1.230769,
        0.256410,
        1.282052,
        0.307692,
        1.333334,
        0.358974,
        1.384616,
        0.410256,
        1.435898,
        0.461538,
        1.487180,
        0.512820,
        1.538462,
        0.564102,
        1.589744,
        0.615385,
        1.641026,
        0.666667,
        1.692308,
        0.717949,
        1.743590,
        0.769231,
        1.794873,
        0.820513,
        1.846155,
        0.871795,
        1.897437,
        0.923077,
        1.948719,
        0.974359
    ],
    "EffectiveEchoSpacing": 0.000576,
    "TotalReadoutTime": 0.04033
}