{
	"Modality": "MR",
	"MagneticFieldStrength": 3,
	"Manufacturer": "Philips",
	"ManufacturersModelName": "Ingenia",
	"InstitutionName": "I.N._Psiquiatria",
	"InstitutionalDepartmentName": "Imagenes_Cerebrales",
	"InstitutionAddress": "Calzada_Mexico_Xochimilco_No.101_Tlalpan",
	"DeviceSerialNumber": "42451",
	"StationName": "PHILIPS-CTMFQSD",
	"BodyPartExamined": "BRAIN",
	"PatientPosition": "HFS",
	"ProcedureStepDescription": "EDUARDO_TMS",
	"SoftwareVersions": "5.3.1_5.3.1.0",
	"MRAcquisitionType": "3D",
	"SeriesDescription": "sT1W_3D_TFE_32_channel",
	"ProtocolName": "WIP_sT1W_3D_TFE_32_channel",
	"ScanningSequence": "GR",
	"SequenceVariant": "MP",
	"ScanOptions": "OTHER",
	"ImageType": ["ORIGINAL", "PRIMARY", "M", "FFE", "M", "FFE"],
	"SeriesNumber": 401,
	"AcquisitionTime": "09:04:6.560000",
	"AcquisitionNumber": 4,
	"PhilipsRescaleSlope": 83.9204,
	"PhilipsRescaleIntercept": 0,
	"PhilipsScaleSlope": 0.00665034,
	"UsePhilipsFloatNotDisplayScaling": 1,
	"SliceThickness": 1,
	"SpacingBetweenSlices": 1,
	"SAR": 0.0383107,
	"EchoTime": 0.0035,
	"RepetitionTime": 0.007,
	"FlipAngle": 8,
	"PercentPhaseFOV": 100,
	"EchoTrainLength": 241,
	"PhaseEncodingSteps": 241,
	"AcquisitionMatrixPE": 241,
	"ReconMatrixPE": 256,
	"PixelBandwidth": 310,
	"ImageOrientationPatientDICOM": [
		-0.0338067,
		0.999251,
		-0.0188165,
		-0.0281945,
		-0.0197733,
		-0.999407	],
	"InPlanePhaseEncodingDirectionDICOM": "ROW",
	"ConversionSoftware": "dcm2niix",
	"ConversionSoftwareVersion": "v1.0.20180404 GCC7.3.1"
}
