{
    "Modality": "MR",
    "MagneticFieldStrength": 3,
    "ImagingFrequency": 127.759,
    "Manufacturer": "Philips",
    "ManufacturersModelName": "Ingenia",
    "InstitutionName": "I.N._Psiquiatria",
    "InstitutionalDepartmentName": "Imagenes_Cerebrales",
    "InstitutionAddress": "Calzada_Mexico_Xochimilco_No.101_Tlalpan",
    "DeviceSerialNumber": "42451",
    "StationName": "PHILIPS-CTMFQSD",
    "BodyPartExamined": "BRAIN",
    "PatientPosition": "HFS",
    "ProcedureStepDescription": "PROTOCOLO_EDUARDO_TMS",
    "SoftwareVersions": "5.3.1_5.3.1.0",
    "MRAcquisitionType": "2D",
    "SeriesDescription": "FM_DTI_136_2_SHELLS_PA",
    "ProtocolName": "WIP_FM_DTI_136_2_SHELLS_PA",
    "ScanningSequence": "SE",
    "SequenceVariant": "SK",
    "ScanOptions": "FS",
    "ImageType": [
        "ORIGINAL",
        "PRIMARY",
        "M",
        "SE",
        "M",
        "SE"
    ],
    "SeriesNumber": 601,
    "AcquisitionTime": "10:02:36.580000",
    "AcquisitionNumber": 6,
    "PhilipsRescaleSlope": 1.3558,
    "PhilipsRescaleIntercept": 0,
    "PhilipsScaleSlope": 0.030767,
    "UsePhilipsFloatNotDisplayScaling": 1,
    "SliceThickness": 2.5,
    "SpacingBetweenSlices": 2.5,
    "SAR": 0.090421,
    "EchoTime": 0.127,
    "RepetitionTime": 9,
    "FlipAngle": 90,
    "CoilString": "MULTI_COIL",
    "PartialFourier": 0.402174,
    "PercentPhaseFOV": 100,
    "EchoTrainLength": 37,
    "PhaseEncodingSteps": 92,
    "AcquisitionMatrixPE": 92,
    "ReconMatrixPE": 128,
    "PixelBandwidth": 1441,
    "PhaseEncodingAxis": "j",
    "ImageOrientationPatientDICOM": [
        1,
        -3.39325e-05,
        0.000551611,
        3.30037e-05,
        0.999999,
        0.00168373
    ],
    "InPlanePhaseEncodingDirectionDICOM": "COL",
    "ConversionSoftware": "dcm2niix",
    "ConversionSoftwareVersion": "v1.0.20190410  (JP2:OpenJPEG) GCC6.3.0",
    "Dcm2bidsVersion": "2.1.4",
    "IntendedFor": "ses-t1/dwi/sub-041_ses-t1_dwi.nii.gz",
    "PhaseEncodingDirection": "j",
    "EffectiveEchoSpacing": 0.000847,
    "TotalReadoutTime": 0.06265
}
