{
	"Modality": "MR",
	"MagneticFieldStrength": 3,
	"Manufacturer": "Philips",
	"ManufacturersModelName": "Ingenia",
	"InstitutionName": "I.N._Psiquiatria",
	"InstitutionalDepartmentName": "Imagenes_Cerebrales",
	"InstitutionAddress": "Calzada_Mexico_Xochimilco_No.101_Tlalpan",
	"DeviceSerialNumber": "42451",
	"StationName": "PHILIPS-CTMFQSD",
	"BodyPartExamined": "BRAIN",
	"PatientPosition": "HFS",
	"ProcedureStepDescription": "EDUARDO_TMS",
	"SoftwareVersions": "5.3.1_5.3.1.0",
	"MRAcquisitionType": "2D",
	"SeriesDescription": "FM_DTI_136_2_SHELLS_PA",
	"ProtocolName": "WIP_FM_DTI_136_2_SHELLS_PA",
	"ScanningSequence": "SE",
	"SequenceVariant": "SK",
	"ScanOptions": "FS",
	"ImageType": [
		"ORIGINAL",
		"PRIMARY",
		"M",
		"SE",
		"M",
		"SE"
	],
	"SeriesNumber": 501,
	"AcquisitionTime": "12:45:4.030000",
	"AcquisitionNumber": 5,
	"PhilipsRescaleSlope": 1.4696,
	"PhilipsRescaleIntercept": 0,
	"PhilipsScaleSlope": 0.0250392,
	"UsePhilipsFloatNotDisplayScaling": 1,
	"SliceThickness": 2.3,
	"SpacingBetweenSlices": 2.3,
	"SAR": 0.0904328,
	"EchoTime": 0.127,
	"RepetitionTime": 9,
	"FlipAngle": 90,
	"PercentPhaseFOV": 100,
	"EchoTrainLength": 39,
	"PhaseEncodingSteps": 96,
	"AcquisitionMatrixPE": 96,
	"ReconMatrixPE": 112,
	"PixelBandwidth": 1531,
	"PhaseEncodingAxis": "j",
	"ImageOrientationPatientDICOM": [
		0.999997,
		-0.00033728,
		-0.0024075,
		0.000338453,
		1,
		0.000487054
	],
	"InPlanePhaseEncodingDirectionDICOM": "COL",
	"ConversionSoftware": "dcm2niix",
	"ConversionSoftwareVersion": "v1.0.20180404 GCC7.3.1",
	"PhaseEncodingDirection": "j",
	"EffectiveEchoSpacing": 0.000803,
	"TotalReadoutTime": 0.06265,
	"IntendedFor": "ses-t4/dwi/sub-004_ses-t4_dwi.nii.gz"
}