{
    "Modality": "MR",
    "MagneticFieldStrength": 3,
    "ImagingFrequency": 127.766,
    "Manufacturer": "Philips",
    "ManufacturersModelName": "Ingenia",
    "InstitutionName": "I.N._Psiquiatria",
    "InstitutionalDepartmentName": "Imagenes_Cerebrales",
    "InstitutionAddress": "Calzada_Mexico_Xochimilco_No.101_Tlalpan",
    "DeviceSerialNumber": "42451",
    "StationName": "INGENIA",
    "PatientPosition": "HFS",
    "ProcedureStepDescription": "EDUARDO_TDM",
    "SoftwareVersions": "5.1.7_5.1.7.2",
    "MRAcquisitionType": "2D",
    "SeriesDescription": "FM_DTI_136_2_SHELLS_PA",
    "ProtocolName": "WIP_FM_DTI_136_2_SHELLS_PA_SENSE",
    "ScanningSequence": "SE",
    "SequenceVariant": "SK",
    "ScanOptions": "FS",
    "ImageType": [
        "ORIGINAL",
        "PRIMARY",
        "M",
        "SE",
        "M",
        "SE"
    ],
    "SeriesNumber": 501,
    "AcquisitionTime": "09:21:22.890000",
    "AcquisitionNumber": 5,
    "PhilipsRescaleSlope": 4.23736,
    "PhilipsRescaleIntercept": 0,
    "PhilipsScaleSlope": 0.0331432,
    "UsePhilipsFloatNotDisplayScaling": 1,
    "SliceThickness": 2.5,
    "SpacingBetweenSlices": 2.5,
    "SAR": 0.0903402,
    "EchoTime": 0.127,
    "RepetitionTime": 9,
    "FlipAngle": 90,
    "CoilString": "MULTI_COIL",
    "PartialFourier": 0.402174,
    "PercentPhaseFOV": 100,
    "EchoTrainLength": 37,
    "PhaseEncodingSteps": 92,
    "AcquisitionMatrixPE": 92,
    "ReconMatrixPE": 128,
    "PixelBandwidth": 1441,
    "PhaseEncodingAxis": "j",
    "ImageOrientationPatientDICOM": [
        0.999989,
        0.00421845,
        -0.00206408,
        -0.00421454,
        0.999989,
        0.00189485
    ],
    "InPlanePhaseEncodingDirectionDICOM": "COL",
    "ConversionSoftware": "dcm2niix",
    "ConversionSoftwareVersion": "v1.0.20190410  (JP2:OpenJPEG) GCC6.3.0",
    "Dcm2bidsVersion": "2.1.4",
    "IntendedFor": "ses-t1/dwi/sub-013_ses-t1_dwi.nii.gz",
    "PhaseEncodingDirection": "j",
    "EffectiveEchoSpacing": 0.000847,
    "TotalReadoutTime": 0.06265
}