{
	"Modality": "MR",
	"MagneticFieldStrength": 3,
	"Manufacturer": "Philips",
	"ManufacturersModelName": "Ingenia",
	"InstitutionName": "I.N._Psiquiatria",
	"InstitutionalDepartmentName": "Imagenes_Cerebrales",
	"InstitutionAddress": "Calzada_Mexico_Xochimilco_No.101_Tlalpan",
	"DeviceSerialNumber": "42451",
	"StationName": "INGENIA",
	"PatientPosition": "HFS",
	"ProcedureStepDescription": "EDUARDO_TMS",
	"SoftwareVersions": "5.1.7_5.1.7.2",
	"MRAcquisitionType": "2D",
	"SeriesDescription": "FM_DTI_136_2_SHELLS_PA",
	"ProtocolName": "WIP_FM_DTI_136_2_SHELLS_PA_SENSE",
	"ScanningSequence": "SE",
	"SequenceVariant": "SK",
	"ScanOptions": "FS",
	"ImageType": [
		"ORIGINAL",
		"PRIMARY",
		"M",
		"SE",
		"M",
		"SE"
	],
	"SeriesNumber": 501,
	"AcquisitionTime": "08:35:56.410000",
	"AcquisitionNumber": 5,
	"PhilipsRescaleSlope": 5.86838,
	"PhilipsRescaleIntercept": 0,
	"PhilipsScaleSlope": 0.0355483,
	"UsePhilipsFloatNotDisplayScaling": 1,
	"SliceThickness": 2.5,
	"SpacingBetweenSlices": 2.5,
	"SAR": 0.0903402,
	"EchoTime": 0.127,
	"RepetitionTime": 9,
	"FlipAngle": 90,
	"PercentPhaseFOV": 100,
	"EchoTrainLength": 37,
	"PhaseEncodingSteps": 92,
	"AcquisitionMatrixPE": 92,
	"ReconMatrixPE": 128,
	"PixelBandwidth": 1441,
	"PhaseEncodingAxis": "j",
	"ImageOrientationPatientDICOM": [
		1,
		0.000404015,
		-0.000549849,
		-0.000402975,
		0.999998,
		0.00189005
	],
	"InPlanePhaseEncodingDirectionDICOM": "COL",
	"ConversionSoftware": "dcm2niix",
	"ConversionSoftwareVersion": "v1.0.20180404 GCC7.3.1",
	"PhaseEncodingDirection": "j",
	"EffectiveEchoSpacing": 0.000847,
	"TotalReadoutTime": 0.06265,
	"IntendedFor": "ses-t14/dwi/sub-008_ses-t14_dwi.nii.gz"
}