{
	"Modality": "MR",
	"MagneticFieldStrength": 3,
	"Manufacturer": "Philips",
	"ManufacturersModelName": "Ingenia",
	"InstitutionName": "I.N._Psiquiatria",
	"InstitutionalDepartmentName": "Imagenes_Cerebrales",
	"InstitutionAddress": "Calzada_Mexico_Xochimilco_No.101_Tlalpan",
	"DeviceSerialNumber": "42451",
	"StationName": "PHILIPS-CTMFQSD",
	"BodyPartExamined": "BRAIN",
	"PatientPosition": "HFS",
	"ProcedureStepDescription": "EDUARDO_TMS",
	"SoftwareVersions": "5.3.1_5.3.1.1",
	"MRAcquisitionType": "2D",
	"SeriesDescription": "FM_EPI_32chSHC_PA",
	"ProtocolName": "FM_EPI_32chSHC_PA",
	"ScanningSequence": "GR",
	"SequenceVariant": "SK",
	"ScanOptions": "FS",
	"ImageType": [
		"ORIGINAL",
		"PRIMARY",
		"M",
		"FFE",
		"M",
		"FFE"
	],
	"SeriesNumber": 401,
	"AcquisitionTime": "11:58:14.510000",
	"AcquisitionNumber": 4,
	"PhilipsRescaleSlope": 0.828816,
	"PhilipsRescaleIntercept": 0,
	"PhilipsScaleSlope": 0.0231907,
	"UsePhilipsFloatNotDisplayScaling": 1,
	"SliceThickness": 3.33,
	"SpacingBetweenSlices": 3.33,
	"SAR": 0.119138,
	"EchoTime": 0.03,
	"RepetitionTime": 2,
	"FlipAngle": 75,
	"PercentPhaseFOV": 100,
	"EchoTrainLength": 35,
	"PhaseEncodingSteps": 70,
	"AcquisitionMatrixPE": 70,
	"ReconMatrixPE": 80,
	"PixelBandwidth": 1819,
	"PhaseEncodingAxis": "j",
	"ImageOrientationPatientDICOM": [
		0.999985,
		0.00424717,
		-0.00358004,
		-0.0042116,
		0.999942,
		0.00988462
	],
	"InPlanePhaseEncodingDirectionDICOM": "COL",
	"ConversionSoftware": "dcm2niix",
	"ConversionSoftwareVersion": "v1.0.20180404 GCC7.3.1",
	"PhaseEncodingDirection": "j",
	"EffectiveEchoSpacing": 0.000698,
	"TotalReadoutTime": 0.04884,
	"IntendedFor": "ses-t0/func/sub-018_ses-t0_task-rest_bold.nii.gz"
}