{
	"Modality": "MR",
	"MagneticFieldStrength": 3,
	"Manufacturer": "Philips",
	"ManufacturersModelName": "Ingenia",
	"InstitutionName": "I.N._Psiquiatria",
	"InstitutionalDepartmentName": "Imagenes_Cerebrales",
	"InstitutionAddress": "Calzada_Mexico_Xochimilco_No.101_Tlalpan",
	"DeviceSerialNumber": "42451",
	"StationName": "INGENIA",
	"PatientPosition": "HFS",
	"ProcedureStepDescription": "EDUARDO_TMS",
	"SoftwareVersions": "2.6.3_5.1.7.2",
	"SeriesDescription": "DTI_136_2_SHELLS_AP",
	"ProtocolName": "WIP_DTI_136_2_SHELLS_AP_SENSE",
	"ScanningSequence": "SE",
	"SequenceVariant": "SK",
	"ScanOptions": "FS",
	"ImageType": [
		"ORIGINAL",
		"PRIMARY",
		"M",
		"SE",
		"M",
		"SE"
	],
	"SeriesNumber": 601,
	"AcquisitionTime": "12:54:39.980000",
	"PhilipsRescaleSlope": 5.48254,
	"PhilipsRescaleIntercept": 0,
	"PhilipsScaleSlope": 0.0152009,
	"UsePhilipsFloatNotDisplayScaling": 1,
	"SliceThickness": 2.3,
	"SpacingBetweenSlices": 2.3,
	"SAR": 0.0919596,
	"EchoTime": 0.127,
	"RepetitionTime": 9,
	"FlipAngle": 90,
	"PercentPhaseFOV": 100,
	"EchoTrainLength": 39,
	"PhaseEncodingSteps": 96,
	"AcquisitionMatrixPE": 96,
	"ReconMatrixPE": 112,
	"PixelBandwidth": 2232,
	"PhaseEncodingAxis": "j",
	"ImageOrientationPatientDICOM": [
		1,
		-0.000730148,
		9.26392e-05,
		0.000730134,
		1,
		0.000152867
	],
	"InPlanePhaseEncodingDirectionDICOM": "COL",
	"ConversionSoftware": "dcm2niix",
	"ConversionSoftwareVersion": "v1.0.20180404 GCC7.3.1",
	"PhaseEncodingDirection": "j-",
	"EffectiveEchoSpacing": 0.000620,
	"TotalReadoutTime": 0.04833
}